GIT
  remote: https://github.com/verse-rb/verse-core.git
  revision: 899644f1eeb0e884d6754f65f22081dd12aa0fbc
  branch: master
  specs:
    verse-core (2.0.0)
      i18n (~> 1.10.0)
      thor (~> 1.2.1)
      verse-schema (~> 0.1.0)

GIT
  remote: https://github.com/verse-rb/verse-schema.git
  revision: 8ac655c8f82226c9dccda261c549f9aae8a8217e
  branch: master
  specs:
    verse-schema (0.1.0)

PATH
  remote: .
  specs:
    verse-sequel (0.1.0)
      sequel (~> 5)

GEM
  remote: https://rubygems.org/
  specs:
    ast (2.4.2)
    bootsnap (1.16.0)
      msgpack (~> 1.2)
    coderay (1.1.3)
    concurrent-ruby (1.2.3)
    diff-lcs (1.5.0)
    docile (1.4.0)
    i18n (1.10.0)
      concurrent-ruby (~> 1.0)
    json (2.6.3)
    language_server-protocol (3.17.0.3)
    method_source (1.0.0)
    msgpack (1.7.2)
    parallel (1.23.0)
    parser (3.2.2.3)
      ast (~> 2.4.1)
      racc
    pg (1.5.3)
    pry (0.14.2)
      coderay (~> 1.1)
      method_source (~> 1.0)
    racc (1.7.1)
    rainbow (3.1.1)
    rake (13.0.6)
    regexp_parser (2.8.1)
    relaxed-rubocop (2.5)
    rexml (3.2.5)
    rspec (3.12.0)
      rspec-core (~> 3.12.0)
      rspec-expectations (~> 3.12.0)
      rspec-mocks (~> 3.12.0)
    rspec-core (3.12.2)
      rspec-support (~> 3.12.0)
    rspec-expectations (3.12.3)
      diff-lcs (>= 1.2.0, < 2.0)
      rspec-support (~> 3.12.0)
    rspec-mocks (3.12.5)
      diff-lcs (>= 1.2.0, < 2.0)
      rspec-support (~> 3.12.0)
    rspec-support (3.12.1)
    rubocop (1.53.1)
      json (~> 2.3)
      language_server-protocol (>= 3.17.0)
      parallel (~> 1.10)
      parser (>= 3.2.2.3)
      rainbow (>= 2.2.2, < 4.0)
      regexp_parser (>= 1.8, < 3.0)
      rexml (>= 3.2.5, < 4.0)
      rubocop-ast (>= 1.28.0, < 2.0)
      ruby-progressbar (~> 1.7)
      unicode-display_width (>= 2.4.0, < 3.0)
    rubocop-ast (1.29.0)
      parser (>= 3.2.1.0)
    ruby-progressbar (1.13.0)
    sequel (5.71.0)
    simplecov (0.22.0)
      docile (~> 1.1)
      simplecov-html (~> 0.11)
      simplecov_json_formatter (~> 0.1)
    simplecov-html (0.12.3)
    simplecov_json_formatter (0.1.4)
    sqlite3 (1.6.3-x86_64-linux)
    thor (1.2.2)
    unicode-display_width (2.4.2)
    yard (0.9.34)

PLATFORMS
  x86_64-linux

DEPENDENCIES
  bootsnap (~> 1.16)
  pg
  pry
  rake (~> 13.0)
  relaxed-rubocop
  rspec (~> 3.0)
  rubocop (~> 1.21)
  simplecov
  sqlite3
  verse-core!
  verse-schema!
  verse-sequel!
  yard

BUNDLED WITH
   2.3.16
